PATH
  remote: .
  specs:
    hoth (0.3.4)
      activesupport
      hoth
      json

GEM
  remote: http://rubygems.org/
  specs:
    activesupport (3.2.6)
      i18n (~> 0.6)
      multi_json (~> 1.0)
    beanstalk-client (1.1.1)
    diff-lcs (1.1.3)
    em-jack (0.1.5)
      eventmachine (>= 0.12.10)
    eventmachine (0.12.10)
    i18n (0.6.0)
    json (1.7.3)
    memcache-client (1.8.5)
    multi_json (1.3.6)
    rspec (2.6.0)
      rspec-core (~> 2.6.0)
      rspec-expectations (~> 2.6.0)
      rspec-mocks (~> 2.6.0)
    rspec-core (2.6.4)
    rspec-expectations (2.6.0)
      diff-lcs (~> 1.1.2)
    rspec-mocks (2.6.0)
    simple_publisher (0.1.1)
      starling
      system_timer
    starling (0.10.1)
      eventmachine (>= 0.12.0)
      memcache-client (>= 1.7.0)
    system_timer (1.2.4)

PLATFORMS
  ruby

DEPENDENCIES
  beanstalk-client
  em-jack
  hoth!
  rspec (~> 2.6.0)
  simple_publisher
